GEM
  remote: https://rubygems.org/
  specs:
    dotenv (2.8.1)
    mustermann (2.0.2)
      ruby2_keywords (~> 0.0.1)
    nio4r (2.7.4)
    puma (6.6.1)
      nio4r (~> 2.0)
    rack (2.2.17)
    rack-cors (1.1.1)
      rack (>= 2.0.0)
    rack-protection (2.2.4)
      rack
    ruby2_keywords (0.0.5)
    sinatra (2.2.4)
      mustermann (~> 2.0)
      rack (~> 2.2)
      rack-protection (= 2.2.4)
      tilt (~> 2.0)
    tilt (2.6.1)

PLATFORMS
  x86_64-darwin-19

DEPENDENCIES
  dotenv
  puma
  rack (~> 2.2.4)
  rack-cors (~> 1.1.1)
  sinatra (~> 2.2.0)

BUNDLED WITH
   2.2.24
